PATH
  remote: .
  specs:
    parsi-digits (0.3)

GEM
  remote: http://rubygems.org/
  specs:
    rake (0.9.2.2)

PLATFORMS
  ruby

DEPENDENCIES
  bundler
  parsi-digits!
  rake
